PATH
  remote: .
  specs:
    trebuchet (0.0.1)
      aws-sdk
      grit
      rake
      rubyzip

GEM
  remote: https://rubygems.org/
  specs:
    aws-sdk (1.11.2)
      json (~> 1.4)
      nokogiri (< 1.6.0)
      uuidtools (~> 2.1)
    coderay (1.0.9)
    diff-lcs (1.2.1)
    grit (2.5.0)
      diff-lcs (~> 1.1)
      mime-types (~> 1.15)
      posix-spawn (~> 0.3.6)
    json (1.8.0)
    method_source (0.8.1)
    mime-types (1.23)
    nokogiri (1.5.10)
    posix-spawn (0.3.6)
    pry (0.9.12)
      coderay (~> 1.0.5)
      method_source (~> 0.8)
      slop (~> 3.4)
    rake (10.0.4)
    roodi (2.2.0)
      ruby_parser (~> 2.3.0)
    rspec (2.13.0)
      rspec-core (~> 2.13.0)
      rspec-expectations (~> 2.13.0)
      rspec-mocks (~> 2.13.0)
    rspec-core (2.13.1)
    rspec-expectations (2.13.0)
      diff-lcs (>= 1.1.3, < 2.0)
    rspec-mocks (2.13.0)
    rspec-spies (2.1.4)
      rspec (~> 2.0)
    ruby_parser (2.3.1)
      sexp_processor (~> 3.0)
    rubyzip (0.9.9)
    sexp_processor (3.2.0)
    slop (3.4.4)
    uuidtools (2.1.4)

PLATFORMS
  ruby

DEPENDENCIES
  pry
  roodi
  rspec
  rspec-spies
  trebuchet!
